GEM
  remote: http://rubygems.org/
  specs:
    gosu (0.12.1)

PLATFORMS
  ruby

DEPENDENCIES
  gosu (~> 0.12.1)

BUNDLED WITH
   1.15.1
